PATH
  remote: .
  specs:
    bert (1.1.10)

GEM
  remote: https://rubygems.org/
  specs:
    git (1.3.0)
    rake (11.1.2)
    rake-compiler (0.9.9)
      rake
    thoughtbot-shoulda (2.11.1)
    yajl-ruby (1.3.0)

PLATFORMS
  ruby

DEPENDENCIES
  bert!
  git
  rake
  rake-compiler (~> 0.9.0)
  thoughtbot-shoulda
  yajl-ruby

BUNDLED WITH
   1.13.7
