GIT
  remote: https://github.com/spraints/mochilo
  revision: 1bf415c4e81edbe72c0aab5404598dec9bef41b9
  ref: symbols-and-regexps-and-time-oh-my
  specs:
    mochilo (2.0)

PATH
  remote: .
  specs:
    bert (1.1.10)
      mochilo

GEM
  remote: https://rubygems.org/
  specs:
    git (1.3.0)
    power_assert (0.4.1)
    rake (12.0.0)
    rake-compiler (0.9.9)
      rake
    test-unit (3.2.3)
      power_assert
    thoughtbot-shoulda (2.11.1)
    yajl-ruby (1.3.0)

PLATFORMS
  ruby

DEPENDENCIES
  bert!
  git
  mochilo!
  rake
  rake-compiler (~> 0.9.0)
  test-unit
  thoughtbot-shoulda
  yajl-ruby

BUNDLED WITH
   1.14.6
