GIT
  remote: https://github.com/spraints/msgpack-ruby
  revision: 8a2f5bf2e83038fa3c5366d63f93d5c6275c3a65
  ref: custom-string
  specs:
    msgpack (1.1.0)

PATH
  remote: .
  specs:
    bert (1.1.10)
      msgpack

GEM
  remote: https://rubygems.org/
  specs:
    byebug (9.0.6)
    git (1.3.0)
    power_assert (0.4.1)
    rake (12.0.0)
    rake-compiler (0.9.9)
      rake
    test-unit (3.2.3)
      power_assert
    thoughtbot-shoulda (2.11.1)
    yajl-ruby (1.3.0)

PLATFORMS
  ruby

DEPENDENCIES
  bert!
  byebug
  git
  msgpack!
  rake
  rake-compiler (~> 0.9.0)
  test-unit
  thoughtbot-shoulda
  yajl-ruby

BUNDLED WITH
   1.14.6
