PATH
  remote: .
  specs:
    bert (1.1.10)

GEM
  remote: https://rubygems.org/
  specs:
    git (1.3.0)
    rake (11.1.2)
    thoughtbot-shoulda (2.11.1)

PLATFORMS
  ruby

DEPENDENCIES
  bert!
  git
  rake
  thoughtbot-shoulda

BUNDLED WITH
   1.12.4
