PATH
  remote: .
  specs:
    bert (1.1.7)

GEM
  remote: https://rubygems.org/
  specs:
    git (1.3.0)
    thoughtbot-shoulda (2.11.1)

PLATFORMS
  ruby

DEPENDENCIES
  bert!
  git
  thoughtbot-shoulda

BUNDLED WITH
   1.12.4
